GIT
  remote: https://github.com/NYULibraries/acts_as_citable.git
  revision: 948ee9f27ccf29373cb614e41f472121b8397acd
  tag: v4.0.0
  specs:
    acts_as_citable (4.0.0)
      citero-jruby (~> 2.0)
      rails (>= 4.0.0, < 5)
      require_all (~> 1.2)

GIT
  remote: https://github.com/NYULibraries/citero-renderers.git
  revision: f46cb4a1ee6eef9d660c984d45d1e9267500647f
  tag: v1.0.0
  specs:
    citero-renderers (1.0.0)
      actionpack (~> 4.2.7.1)

GIT
  remote: https://github.com/NYULibraries/exlibris-nyu.git
  revision: f33707f00327899af2519ecd028fde88f13c6bf9
  tag: v2.4.0
  specs:
    exlibris-nyu (2.4.0)
      exlibris-aleph (~> 2.0.4)
      exlibris-primo (~> 2.1)
      require_all (~> 1.3)

GIT
  remote: https://github.com/NYULibraries/formaggio.git
  revision: 0cfcc78204097c44547d233a25162816d46344fd
  tag: v1.7.1
  specs:
    formaggio (1.7.1)
      cap_git_tools (~> 0.9)
      capistrano (~> 2.15)
      figs (~> 2.0)
      git (~> 1.2)
      mail (~> 2.5)
      newrelic_rpm (~> 3.6)
      rake (~> 10.1)
      require_all (~> 1.3)
      rvm-capistrano (~> 1.5)

GIT
  remote: https://github.com/NYULibraries/mustache-rails.git
  revision: d219b298ddc94ca0c4b749125a803f74157ddd03
  tag: v0.2.3
  specs:
    mustache-rails (0.2.3)
      actionpack (>= 3.1)
      mustache (~> 0.99.4)

GIT
  remote: https://github.com/NYULibraries/nyulibraries-assets.git
  revision: b397fa2193fa495aefc214f785b3e3b597e47666
  tag: v4.6.8
  specs:
    nyulibraries-assets (4.6.8)
      bootstrap-sass (~> 3.2.0.2)
      compass (~> 1.0.1)
      font-awesome-rails (~> 4.2.0.0)
      institutions (~> 0.1.3)

GIT
  remote: https://github.com/NYULibraries/nyulibraries_errors.git
  revision: c77c8c8a8699d5af7ceb2775fe6ac7aa81f6a5f5
  tag: v1.0.0
  specs:
    nyulibraries_errors (1.0.0)

GIT
  remote: https://github.com/NYULibraries/omniauth-nyulibraries.git
  revision: 7c208c53e18c8140aebff69c3ba0714309b1143f
  tag: v2.1.0
  specs:
    omniauth-nyulibraries (2.1.0)
      omniauth-oauth2 (~> 1.2.0)

GEM
  remote: https://rubygems.org/
  specs:
    actionmailer (4.2.7.1)
      actionpack (= 4.2.7.1)
      actionview (= 4.2.7.1)
      activejob (= 4.2.7.1)
      mail (~> 2.5, >= 2.5.4)
      rails-dom-testing (~> 1.0, >= 1.0.5)
    actionpack (4.2.7.1)
      actionview (= 4.2.7.1)
      activesupport (= 4.2.7.1)
      rack (~> 1.6)
      rack-test (~> 0.6.2)
      rails-dom-testing (~> 1.0, >= 1.0.5)
      rails-html-sanitizer (~> 1.0, >= 1.0.2)
    actionview (4.2.7.1)
      activesupport (= 4.2.7.1)
      builder (~> 3.1)
      erubis (~> 2.7.0)
      rails-dom-testing (~> 1.0, >= 1.0.5)
      rails-html-sanitizer (~> 1.0, >= 1.0.2)
    activejob (4.2.7.1)
      activesupport (= 4.2.7.1)
      globalid (>= 0.3.0)
    activemodel (4.2.7.1)
      activesupport (= 4.2.7.1)
      builder (~> 3.1)
    activerecord (4.2.7.1)
      activemodel (= 4.2.7.1)
      activesupport (= 4.2.7.1)
      arel (~> 6.0)
    activerecord-import (0.6.0)
      activerecord (>= 3.0)
    activerecord-jdbc-adapter (1.3.22)
      activerecord (>= 2.2)
    activerecord-jdbcmysql-adapter (1.3.22)
      activerecord-jdbc-adapter (~> 1.3.22)
      jdbc-mysql (>= 5.1.22)
    activesupport (4.2.7.1)
      i18n (~> 0.7)
      json (~> 1.7, >= 1.7.7)
      minitest (~> 5.1)
      thread_safe (~> 0.3, >= 0.3.4)
      tzinfo (~> 1.1)
    acts-as-taggable-on (3.4.4)
      activerecord (>= 3.2, < 5)
    addressable (2.5.1)
      public_suffix (~> 2.0, >= 2.0.2)
    akami (1.3.1)
      gyoku (>= 0.4.0)
      nokogiri
    arel (6.0.4)
    bcrypt (3.1.11-java)
    bootstrap-sass (3.2.0.2)
      sass (~> 3.2)
    builder (3.2.3)
    cap_git_tools (0.9.1)
      capistrano (~> 2.0)
    capistrano (2.15.9)
      highline
      net-scp (>= 1.0.0)
      net-sftp (>= 2.0.0)
      net-ssh (>= 2.0.14)
      net-ssh-gateway (>= 1.1.0)
    capybara (2.13.0)
      addressable
      mime-types (>= 1.16)
      nokogiri (>= 1.3.3)
      rack (>= 1.0.0)
      rack-test (>= 0.5.4)
      xpath (~> 2.0)
    chunky_png (1.3.8)
    citero-jruby (2.1.8)
    coderay (1.1.1)
    coffee-rails (4.1.1)
      coffee-script (>= 2.2.0)
      railties (>= 4.0.0, < 5.1.x)
    coffee-script (2.4.1)
      coffee-script-source
      execjs
    coffee-script-source (1.12.2)
    compass (1.0.3)
      chunky_png (~> 1.2)
      compass-core (~> 1.0.2)
      compass-import-once (~> 1.0.5)
      rb-fsevent (>= 0.9.3)
      rb-inotify (>= 0.9)
      sass (>= 3.3.13, < 3.5)
    compass-core (1.0.3)
      multi_json (~> 1.0)
      sass (>= 3.3.0, < 3.5)
    compass-import-once (1.0.5)
      sass (>= 3.2, < 3.5)
    compass-rails (2.0.5)
      compass (~> 1.0.0)
      sass-rails (< 5.1)
      sprockets (< 2.13)
    coveralls (0.8.20)
      json (>= 1.8, < 3)
      simplecov (~> 0.14.1)
      term-ansicolor (~> 1.3)
      thor (~> 0.19.4)
      tins (~> 1.6)
    crack (0.4.3)
      safe_yaml (~> 1.0.0)
    cucumber (2.4.0)
      builder (>= 2.1.2)
      cucumber-core (~> 1.5.0)
      cucumber-wire (~> 0.0.1)
      diff-lcs (>= 1.1.3)
      gherkin (~> 4.0)
      multi_json (>= 1.7.5, < 2.0)
      multi_test (>= 0.1.2)
    cucumber-core (1.5.0)
      gherkin (~> 4.0)
    cucumber-rails (1.4.5)
      capybara (>= 1.1.2, < 3)
      cucumber (>= 1.3.8, < 4)
      mime-types (>= 1.16, < 4)
      nokogiri (~> 1.5)
      railties (>= 3, < 5.1)
    cucumber-wire (0.0.1)
    dalli (2.7.6)
    database_cleaner (1.3.0)
    devise (3.5.10)
      bcrypt (~> 3.0)
      orm_adapter (~> 0.1)
      railties (>= 3.2.6, < 5)
      responders
      thread_safe (~> 0.1)
      warden (~> 1.2.3)
    diff-lcs (1.3)
    docile (1.1.5)
    ensure_valid_encoding (0.5.3)
    erubis (2.7.0)
    ex_cite (2.1.0)
      jquery-rails (~> 3.1.0)
      rails (~> 4.0)
    execjs (2.7.0)
    exlibris-aleph (2.0.4)
      faraday (~> 0.9.0)
      marc (~> 0.8.0)
      multi_xml (~> 0.5.0)
      require_all (~> 1.3.0)
    exlibris-primo (2.1.0)
      activesupport (>= 3.2.14)
      iso-639 (~> 0.2.0)
      json (~> 1.8.0)
      nokogiri (~> 1.7.1)
      require_all (~> 1.3.1)
      savon (~> 2.11.1)
    factory_girl (4.5.0)
      activesupport (>= 3.0.0)
    factory_girl_rails (4.5.0)
      factory_girl (~> 4.5.0)
      railties (>= 3.0.0)
    faraday (0.9.2)
      multipart-post (>= 1.2, < 3)
    ffi (1.9.18-java)
    figs (2.0.4)
      git (~> 1.2.6)
      rake (~> 10.1)
    font-awesome-rails (4.2.0.0)
      railties (>= 3.2, < 5.0)
    gherkin (4.1.1)
    git (1.2.9.1)
    globalid (0.3.7)
      activesupport (>= 4.1.0)
    gyoku (1.3.1)
      builder (>= 2.1.2)
    hashie (3.5.5)
    highline (1.7.8)
    hike (1.2.3)
    httpi (2.4.2)
      rack
      socksify
    i18n (0.8.1)
    institutions (0.1.3)
      ipaddr_range_set (~> 0.10.0)
      require_all (~> 1.3.1)
    ipaddr_range_set (0.10.0)
    iso-639 (0.2.8)
    jdbc-mysql (5.1.40)
    jquery-rails (3.1.4)
      railties (>= 3.0, < 5.0)
      thor (>= 0.14, < 2.0)
    jruby-openssl (0.9.20-java)
    jruby-rack (1.1.20)
    json (1.8.6-java)
    jwt (1.5.6)
    kaminari (0.16.3)
      actionpack (>= 3.0.0)
      activesupport (>= 3.0.0)
    loofah (2.0.3)
      nokogiri (>= 1.5.9)
    mail (2.6.4)
      mime-types (>= 1.16, < 4)
    marc (0.8.2)
      ensure_valid_encoding
      scrub_rb (>= 1.0.1, < 2)
      unf
    method_source (0.8.2)
    mime-types (2.99.3)
    minitest (5.10.1)
    modernizr-rails (2.7.1)
    multi_json (1.12.1)
    multi_test (0.1.2)
    multi_xml (0.5.5)
    multipart-post (2.0.0)
    mustache (0.99.4)
    net-scp (1.2.1)
      net-ssh (>= 2.6.5)
    net-sftp (2.1.2)
      net-ssh (>= 2.6.5)
    net-ssh (4.1.0)
    net-ssh-gateway (2.0.0)
      net-ssh (>= 4.0.0)
    newrelic_rpm (3.9.9.275)
    nokogiri (1.7.1-java)
    nori (2.6.0)
    oauth2 (1.3.1)
      faraday (>= 0.8, < 0.12)
      jwt (~> 1.0)
      multi_json (~> 1.3)
      multi_xml (~> 0.5)
      rack (>= 1.2, < 3)
    omniauth (1.6.1)
      hashie (>= 3.4.6, < 3.6.0)
      rack (>= 1.6.2, < 3)
    omniauth-oauth2 (1.2.0)
      faraday (>= 0.8, < 0.10)
      multi_json (~> 1.3)
      oauth2 (~> 1.0)
      omniauth (~> 1.2)
    orm_adapter (0.5.0)
    pry (0.10.4-java)
      coderay (~> 1.1.0)
      method_source (~> 0.8.1)
      slop (~> 3.4)
      spoon (~> 0.0)
    pry-remote (0.1.8)
      pry (~> 0.9)
      slop (~> 3.0)
    public_suffix (2.0.5)
    puma (2.11.3-java)
      rack (>= 1.1, < 2.0)
    rack (1.6.5)
    rack-cors (0.2.9)
    rack-test (0.6.3)
      rack (>= 1.0)
    rails (4.2.7.1)
      actionmailer (= 4.2.7.1)
      actionpack (= 4.2.7.1)
      actionview (= 4.2.7.1)
      activejob (= 4.2.7.1)
      activemodel (= 4.2.7.1)
      activerecord (= 4.2.7.1)
      activesupport (= 4.2.7.1)
      bundler (>= 1.3.0, < 2.0)
      railties (= 4.2.7.1)
      sprockets-rails
    rails-deprecated_sanitizer (1.0.3)
      activesupport (>= 4.2.0.alpha)
    rails-dom-testing (1.0.8)
      activesupport (>= 4.2.0.beta, < 5.0)
      nokogiri (~> 1.6)
      rails-deprecated_sanitizer (>= 1.0.1)
    rails-html-sanitizer (1.0.3)
      loofah (~> 2.0)
    railties (4.2.7.1)
      actionpack (= 4.2.7.1)
      activesupport (= 4.2.7.1)
      rake (>= 0.8.7)
      thor (>= 0.18.1, < 2.0)
    rake (10.5.0)
    rb-fsevent (0.9.8)
    rb-inotify (0.9.8)
      ffi (>= 0.5.0)
    require_all (1.3.3)
    responders (2.3.0)
      railties (>= 4.2.0, < 5.1)
    rspec-core (3.1.7)
      rspec-support (~> 3.1.0)
    rspec-expectations (3.1.2)
      diff-lcs (>= 1.2.0, < 2.0)
      rspec-support (~> 3.1.0)
    rspec-mocks (3.1.3)
      rspec-support (~> 3.1.0)
    rspec-rails (3.1.0)
      actionpack (>= 3.0)
      activesupport (>= 3.0)
      railties (>= 3.0)
      rspec-core (~> 3.1.0)
      rspec-expectations (~> 3.1.0)
      rspec-mocks (~> 3.1.0)
      rspec-support (~> 3.1.0)
    rspec-support (3.1.2)
    rspec_junit_formatter (0.2.3)
      builder (< 4)
      rspec-core (>= 2, < 4, != 2.12.0)
    rvm-capistrano (1.5.6)
      capistrano (~> 2.15.4)
    safe_yaml (1.0.4)
    sass (3.4.23)
    sass-rails (5.0.0.beta1)
      railties (>= 4.0.0, < 5.0)
      sass (~> 3.2)
      sprockets (~> 2.12)
      sprockets-rails (>= 2.0, < 4.0)
    savon (2.11.1)
      akami (~> 1.2)
      builder (>= 2.1.2)
      gyoku (~> 1.2)
      httpi (~> 2.3)
      nokogiri (>= 1.4.0)
      nori (~> 2.4)
      wasabi (~> 3.4)
    scrub_rb (1.0.1)
    simplecov (0.14.1)
      docile (~> 1.1.0)
      json (>= 1.8, < 3)
      simplecov-html (~> 0.10.0)
    simplecov-html (0.10.0)
    slop (3.6.0)
    socksify (1.7.1)
    sorted (1.0.1)
    spoon (0.0.6)
      ffi
    sprockets (2.12.4)
      hike (~> 1.2)
      multi_json (~> 1.0)
      rack (~> 1.0)
      tilt (~> 1.1, != 1.3.0)
    sprockets-rails (2.3.3)
      actionpack (>= 3.0)
      activesupport (>= 3.0)
      sprockets (>= 2.8, < 4.0)
    teaspoon (1.1.5)
      railties (>= 3.2.5, < 6)
    teaspoon-jasmine (2.3.4)
      teaspoon (>= 1.0.0)
    term-ansicolor (1.5.0)
      tins (~> 1.0)
    therubyrhino (2.0.4)
      therubyrhino_jar (>= 1.7.3)
    therubyrhino_jar (1.7.6)
    thor (0.19.4)
    thread_safe (0.3.6-java)
    tilt (1.4.1)
    tins (1.13.2)
    tzinfo (1.2.3)
      thread_safe (~> 0.1)
    uglifier (2.7.2)
      execjs (>= 0.3.0)
      json (>= 1.8.0)
    unf (0.1.4-java)
    vcr (2.9.3)
    warden (1.2.7)
      rack (>= 1.0)
    wasabi (3.5.0)
      httpi (~> 2.0)
      nokogiri (>= 1.4.2)
    webmock (1.20.4)
      addressable (>= 2.3.6)
      crack (>= 0.3.2)
    xpath (2.0.0)
      nokogiri (~> 1.3)

PLATFORMS
  java

DEPENDENCIES
  activerecord-import (~> 0.6.0)
  activerecord-jdbcmysql-adapter (~> 1.3.0)
  acts-as-taggable-on (~> 3.4.0)
  acts_as_citable!
  citero-renderers!
  coffee-rails (~> 4.1.0)
  compass-rails (~> 2.0.0)
  coveralls (~> 0.8.20)
  cucumber-rails (~> 1.4.2)
  dalli (~> 2.7.0)
  database_cleaner (~> 1.3.0)
  devise (~> 3.5.10)
  ex_cite (~> 2.1.0)
  exlibris-nyu!
  factory_girl_rails (~> 4.5.0)
  figs (~> 2.0.2)
  font-awesome-rails (~> 4.2.0)
  formaggio!
  jquery-rails (~> 3.1.0)
  jruby-openssl (~> 0.9.7.pre.java)
  jruby-rack (~> 1.1.13)
  kaminari (~> 0.16.0)
  modernizr-rails (~> 2.7.0)
  mustache (= 0.99.4)
  mustache-rails!
  newrelic_rpm (~> 3.9.0)
  nyulibraries-assets!
  nyulibraries_errors!
  omniauth-nyulibraries!
  pry (~> 0.10.0)
  pry-remote (~> 0.1.8)
  puma (~> 2.11.3)
  rack-cors (~> 0.2.0)
  rails (~> 4.2.7)
  railties (~> 4.2.7.1)
  rspec-mocks
  rspec-rails (~> 3.1.0)
  rspec_junit_formatter
  sass-rails (= 5.0.0.beta1)
  sorted (~> 1.0.0)
  teaspoon-jasmine (~> 2.3.4)
  therubyrhino (~> 2.0.0)
  uglifier (~> 2.7.0)
  vcr (~> 2.9.0)
  webmock (~> 1.20.0)

BUNDLED WITH
   1.14.3
