GIT
  remote: git://github.com/NYULibraries/authpds-nyu.git
  revision: 5c080afe3b09ad5b550ce34c4ab6f7b1ecd3ffc7
  tag: v2.0.1
  specs:
    authpds-nyu (2.0.1)
      authpds (~> 1.1.1)
      require_all (~> 1.3.1)

GIT
  remote: git://github.com/NYULibraries/exlibris-nyu.git
  revision: 879994d761d43f883a5a723ba4b4db024fc4dfeb
  tag: v2.2.0
  specs:
    exlibris-nyu (2.2.0)
      exlibris-aleph (~> 2.0.4)
      exlibris-primo (~> 1.1.9)
      require_all (~> 1.3)

GIT
  remote: git://github.com/NYULibraries/formaggio.git
  revision: 645de8c59def833c2717000a7ca4ed5b9c709376
  tag: v1.4.2
  specs:
    formaggio (1.4.2)
      cap_git_tools (~> 0.9)
      capistrano (~> 2.15)
      figs (~> 2.0)
      git (~> 1.2)
      mail (~> 2.5)
      newrelic_rpm (~> 3.6)
      rake (~> 10.1)
      require_all (~> 1.3)
      rvm-capistrano (~> 1.5)

GIT
  remote: git://github.com/NYULibraries/nyulibraries-assets.git
  revision: 36704b3917bbcab4a8622c230fdf29c476e47fcc
  tag: v4.2.1
  specs:
    nyulibraries-assets (4.2.1)
      bootstrap-sass (~> 3.2.0.2)
      compass (~> 1.0.1)
      font-awesome-rails (~> 4.2.0.0)
      institutions (~> 0.1.3)

GIT
  remote: git://github.com/josh/mustache-rails.git
  revision: d219b298ddc94ca0c4b749125a803f74157ddd03
  tag: v0.2.3
  specs:
    mustache-rails (0.2.3)
      actionpack (>= 3.1)
      mustache (~> 0.99.4)

GEM
  remote: https://rubygems.org/
  specs:
    actionmailer (4.1.9)
      actionpack (= 4.1.9)
      actionview (= 4.1.9)
      mail (~> 2.5, >= 2.5.4)
    actionpack (4.1.9)
      actionview (= 4.1.9)
      activesupport (= 4.1.9)
      rack (~> 1.5.2)
      rack-test (~> 0.6.2)
    actionview (4.1.9)
      activesupport (= 4.1.9)
      builder (~> 3.1)
      erubis (~> 2.7.0)
    activemodel (4.1.9)
      activesupport (= 4.1.9)
      builder (~> 3.1)
    activerecord (4.1.9)
      activemodel (= 4.1.9)
      activesupport (= 4.1.9)
      arel (~> 5.0.0)
    activerecord-import (0.6.0)
      activerecord (>= 3.0)
    activerecord-jdbc-adapter (1.3.13)
      activerecord (>= 2.2)
    activerecord-jdbcmysql-adapter (1.3.13)
      activerecord-jdbc-adapter (~> 1.3.13)
      jdbc-mysql (>= 5.1.22)
    activesupport (4.1.9)
      i18n (~> 0.6, >= 0.6.9)
      json (~> 1.7, >= 1.7.7)
      minitest (~> 5.1)
      thread_safe (~> 0.1)
      tzinfo (~> 1.1)
    acts-as-taggable-on (3.4.3)
      activerecord (>= 3.2, < 5)
    acts_as_citable (3.0.0)
      citero-jruby (~> 2.0)
      rails (>= 4.0, < 4.2)
      require_all (~> 1.2)
    addressable (2.3.6)
    akami (1.2.2)
      gyoku (>= 0.4.0)
      nokogiri
    arel (5.0.1.20140414130214)
    authlogic (3.4.4)
      activerecord (>= 3.2)
      activesupport (>= 3.2)
      request_store (~> 1.0)
      scrypt (~> 1.2)
    authpds (1.1.5)
      activerecord (>= 3.2.14)
      activesupport (>= 3.2.14)
      authlogic (~> 3.4.0)
      institutions (~> 0.1.3)
      nokogiri (~> 1.6.0)
      require_all (~> 1.3.1)
    bootstrap-sass (3.2.0.2)
      sass (~> 3.2)
    builder (3.2.2)
    cap_git_tools (0.9.1)
      capistrano (~> 2.0)
    capistrano (2.15.5)
      highline
      net-scp (>= 1.0.0)
      net-sftp (>= 2.0.0)
      net-ssh (>= 2.0.14)
      net-ssh-gateway (>= 1.1.0)
    capybara (2.4.4)
      mime-types (>= 1.16)
      nokogiri (>= 1.3.3)
      rack (>= 1.0.0)
      rack-test (>= 0.5.4)
      xpath (~> 2.0)
    childprocess (0.5.5)
      ffi (~> 1.0, >= 1.0.11)
    chunky_png (1.3.3)
    citero-jruby (2.1.5)
    coderay (1.1.0)
    coffee-rails (4.1.0)
      coffee-script (>= 2.2.0)
      railties (>= 4.0.0, < 5.0)
    coffee-script (2.3.0)
      coffee-script-source
      execjs
    coffee-script-source (1.8.0)
    columnize (0.9.0)
    compass (1.0.1)
      chunky_png (~> 1.2)
      compass-core (~> 1.0.1)
      compass-import-once (~> 1.0.5)
      rb-fsevent (>= 0.9.3)
      rb-inotify (>= 0.9)
      sass (>= 3.3.13, < 3.5)
    compass-core (1.0.1)
      multi_json (~> 1.0)
      sass (>= 3.3.0, < 3.5)
    compass-import-once (1.0.5)
      sass (>= 3.2, < 3.5)
    compass-rails (2.0.4)
      compass (~> 1.0.0)
      sass-rails (<= 5.0.1)
      sprockets (< 2.13)
    coveralls (0.7.2)
      multi_json (~> 1.3)
      rest-client (= 1.6.7)
      simplecov (>= 0.7)
      term-ansicolor (= 1.2.2)
      thor (= 0.18.1)
    crack (0.4.2)
      safe_yaml (~> 1.0.0)
    cucumber (1.3.18)
      builder (>= 2.1.2)
      diff-lcs (>= 1.1.3)
      gherkin (~> 2.12)
      multi_json (>= 1.7.5, < 2.0)
      multi_test (>= 0.1.1)
    cucumber-rails (1.4.2)
      capybara (>= 1.1.2, < 3)
      cucumber (>= 1.3.8, < 2)
      mime-types (>= 1.16, < 3)
      nokogiri (~> 1.5)
      rails (>= 3, < 5)
    dalli (2.7.2)
    database_cleaner (1.3.0)
    diff-lcs (1.2.5)
    docile (1.1.5)
    ensure_valid_encoding (0.5.3)
    erubis (2.7.0)
    ex_cite (2.0.0)
      jquery-rails (~> 3.1.0)
      rails (~> 4.0)
    execjs (2.2.2)
    exlibris-aleph (2.0.4)
      faraday (~> 0.9.0)
      marc (~> 0.8.0)
      multi_xml (~> 0.5.0)
      require_all (~> 1.3.0)
    exlibris-primo (1.1.9)
      activesupport (>= 3.2.14)
      iso-639 (~> 0.2.0)
      json (~> 1.8.0)
      nokogiri (~> 1.6.0)
      require_all (~> 1.3.1)
      savon (~> 2.8.0)
    factory_girl (4.5.0)
      activesupport (>= 3.0.0)
    factory_girl_rails (4.5.0)
      factory_girl (~> 4.5.0)
      railties (>= 3.0.0)
    faraday (0.9.1)
      multipart-post (>= 1.2, < 3)
    ffi (1.9.6-java)
    ffi-compiler (0.1.3)
      ffi (>= 1.0.0)
      rake
    figs (2.0.3)
      git (~> 1.2.6)
      rake (~> 10.1)
    font-awesome-rails (4.2.0.0)
      railties (>= 3.2, < 5.0)
    gherkin (2.12.2-java)
      multi_json (~> 1.3)
    git (1.2.8)
    gyoku (1.2.2)
      builder (>= 2.1.2)
    highline (1.6.21)
    hike (1.2.3)
    httpi (2.3.0)
      rack
    i18n (0.7.0)
    institutions (0.1.3)
      ipaddr_range_set (~> 0.10.0)
      require_all (~> 1.3.1)
    ipaddr_range_set (0.10.0)
    iso-639 (0.2.5)
    jasmine (1.3.2)
      jasmine-core (~> 1.3.1)
      rack (~> 1.0)
      rspec (>= 1.3.1)
      selenium-webdriver (>= 0.1.3)
    jasmine-core (1.3.1)
    jdbc-mysql (5.1.33)
    jquery-rails (3.1.2)
      railties (>= 3.0, < 5.0)
      thor (>= 0.14, < 2.0)
    jruby-rack (1.1.17)
    json (1.8.2-java)
    kaminari (0.16.1)
      actionpack (>= 3.0.0)
      activesupport (>= 3.0.0)
    macaddr (1.7.1)
      systemu (~> 2.6.2)
    mail (2.6.3)
      mime-types (>= 1.16, < 3)
    marc (0.8.2)
      ensure_valid_encoding
      scrub_rb (>= 1.0.1, < 2)
      unf
    method_source (0.8.2)
    mime-types (1.25.1)
    minitest (5.5.0)
    modernizr-rails (2.7.1)
    multi_json (1.10.1)
    multi_test (0.1.1)
    multi_xml (0.5.5)
    multipart-post (2.0.0)
    mustache (0.99.4)
    net-scp (1.2.1)
      net-ssh (>= 2.6.5)
    net-sftp (2.1.2)
      net-ssh (>= 2.6.5)
    net-ssh (2.9.2)
    net-ssh-gateway (1.2.0)
      net-ssh (>= 2.6.5)
    newrelic_rpm (3.9.9.275)
    nokogiri (1.6.5-java)
    nori (2.4.0)
    pry (0.10.1-java)
      coderay (~> 1.1.0)
      method_source (~> 0.8.1)
      slop (~> 3.4)
      spoon (~> 0.0)
    puma (2.10.2-java)
      rack (>= 1.1, < 2.0)
    rack (1.5.2)
    rack-cors (0.2.9)
    rack-test (0.6.3)
      rack (>= 1.0)
    rails (4.1.9)
      actionmailer (= 4.1.9)
      actionpack (= 4.1.9)
      actionview (= 4.1.9)
      activemodel (= 4.1.9)
      activerecord (= 4.1.9)
      activesupport (= 4.1.9)
      bundler (>= 1.3.0, < 2.0)
      railties (= 4.1.9)
      sprockets-rails (~> 2.0)
    railties (4.1.9)
      actionpack (= 4.1.9)
      activesupport (= 4.1.9)
      rake (>= 0.8.7)
      thor (>= 0.18.1, < 2.0)
    rake (10.4.2)
    rb-fsevent (0.9.4)
    rb-inotify (0.9.5)
      ffi (>= 0.5.0)
    request_store (1.1.0)
    require_all (1.3.2)
    rest-client (1.6.7)
      mime-types (>= 1.16)
    rspec (3.1.0)
      rspec-core (~> 3.1.0)
      rspec-expectations (~> 3.1.0)
      rspec-mocks (~> 3.1.0)
    rspec-core (3.1.7)
      rspec-support (~> 3.1.0)
    rspec-expectations (3.1.2)
      diff-lcs (>= 1.2.0, < 2.0)
      rspec-support (~> 3.1.0)
    rspec-mocks (3.1.3)
      rspec-support (~> 3.1.0)
    rspec-rails (3.1.0)
      actionpack (>= 3.0)
      activesupport (>= 3.0)
      railties (>= 3.0)
      rspec-core (~> 3.1.0)
      rspec-expectations (~> 3.1.0)
      rspec-mocks (~> 3.1.0)
      rspec-support (~> 3.1.0)
    rspec-support (3.1.2)
    ruby-debug (0.10.4)
      columnize (>= 0.1)
      ruby-debug-base (~> 0.10.4.0)
    ruby-debug-base (0.10.4-java)
    rubyzip (1.1.6)
    rvm-capistrano (1.5.6)
      capistrano (~> 2.15.4)
    safe_yaml (1.0.4)
    sass (3.4.9)
    sass-rails (5.0.1)
      railties (>= 4.0.0, < 5.0)
      sass (~> 3.1)
      sprockets (>= 2.8, < 4.0)
      sprockets-rails (>= 2.0, < 4.0)
      tilt (~> 1.1)
    savon (2.8.0)
      akami (~> 1.2)
      builder (>= 2.1.2)
      gyoku (~> 1.2)
      httpi (~> 2.3)
      nokogiri (>= 1.4.0)
      nori (~> 2.4)
      uuid (~> 2.3.7)
      wasabi (= 3.3.0)
    scrub_rb (1.0.1)
    scrypt (1.2.1)
      ffi-compiler (>= 0.0.2)
      rake
    selenium-webdriver (2.44.0)
      childprocess (~> 0.5)
      multi_json (~> 1.0)
      rubyzip (~> 1.0)
      websocket (~> 1.0)
    simplecov (0.9.1)
      docile (~> 1.1.0)
      multi_json (~> 1.0)
      simplecov-html (~> 0.8.0)
    simplecov-html (0.8.0)
    slop (3.6.0)
    sorted (1.0.1)
    spoon (0.0.4)
      ffi
    sprockets (2.12.3)
      hike (~> 1.2)
      multi_json (~> 1.0)
      rack (~> 1.0)
      tilt (~> 1.1, != 1.3.0)
    sprockets-rails (2.2.2)
      actionpack (>= 3.0)
      activesupport (>= 3.0)
      sprockets (>= 2.8, < 4.0)
    systemu (2.6.4)
    teaspoon (0.8.0)
      railties (>= 3.2.5, < 5)
    term-ansicolor (1.2.2)
      tins (~> 0.8)
    therubyrhino (2.0.4)
      therubyrhino_jar (>= 1.7.3)
    therubyrhino_jar (1.7.4)
    thor (0.18.1)
    thread_safe (0.3.4-java)
    tilt (1.4.1)
    tins (0.13.2)
    tzinfo (1.2.2)
      thread_safe (~> 0.1)
    uglifier (2.5.3)
      execjs (>= 0.3.0)
      json (>= 1.8.0)
    unf (0.1.4-java)
    uuid (2.3.7)
      macaddr (~> 1.0)
    vcr (2.9.3)
    wasabi (3.3.0)
      httpi (~> 2.0)
      mime-types (< 2.0.0)
      nokogiri (>= 1.4.0)
    webmock (1.20.4)
      addressable (>= 2.3.6)
      crack (>= 0.3.2)
    websocket (1.2.1)
    xpath (2.0.0)
      nokogiri (~> 1.3)

PLATFORMS
  java

DEPENDENCIES
  activerecord-import (~> 0.6.0)
  activerecord-jdbcmysql-adapter (~> 1.3.0)
  acts-as-taggable-on (~> 3.4.0)
  acts_as_citable (~> 3.0.0.pre.alpha)
  authpds-nyu!
  coffee-rails (~> 4.1.0)
  compass-rails (~> 2.0.0)
  coveralls (~> 0.7.0)
  cucumber-rails (~> 1.4.2)
  dalli (~> 2.7.0)
  database_cleaner (~> 1.3.0)
  ex_cite (~> 2.0.0.pre.alpha.1)
  exlibris-nyu!
  factory_girl_rails (~> 4.5.0)
  figs (~> 2.0.2)
  formaggio!
  jasmine (~> 1.3.0)
  jquery-rails (~> 3.1.0)
  jruby-rack (~> 1.1.13)
  kaminari (~> 0.16.0)
  modernizr-rails (~> 2.7.0)
  mustache (= 0.99.4)
  mustache-rails!
  newrelic_rpm (~> 3.9.0)
  nyulibraries-assets!
  pry (~> 0.10.0)
  puma (~> 2.10.0)
  rack-cors (~> 0.2.0)
  rails (~> 4.1.0)
  rspec-rails (~> 3.1.0)
  ruby-debug (~> 0.10.4)
  sass-rails (>= 5.0.0.beta1)
  sorted (~> 1.0.0)
  teaspoon (~> 0.8.0)
  therubyrhino (~> 2.0.0)
  uglifier (~> 2.5.0)
  vcr (~> 2.9.0)
  webmock (~> 1.20.0)
